GIT
  remote: git://github.com/gregbell/active_admin.git
  revision: a8ae008ec9632110bf33443ce7090dfef9cca480
  specs:
    activeadmin (1.0.0.pre)
      arbre (~> 1.0)
      bourbon
      coffee-rails
      formtastic (~> 2.3.0.rc3)
      inherited_resources (~> 1.4.1)
      jquery-rails
      jquery-ui-rails (~> 5.0)
      kaminari (~> 0.15)
      rails (>= 3.2, < 4.2)
      ransack (~> 1.0)
      sass-rails

GEM
  remote: https://rubygems.org/
  specs:
    actionmailer (4.0.2)
      actionpack (= 4.0.2)
      mail (~> 2.5.4)
    actionpack (4.0.2)
      activesupport (= 4.0.2)
      builder (~> 3.1.0)
      erubis (~> 2.7.0)
      rack (~> 1.5.2)
      rack-test (~> 0.6.2)
    active_utils (2.0.2)
      activesupport (>= 2.3.11)
      i18n
    activemerchant (1.42.6)
      active_utils (~> 2.0, >= 2.0.1)
      activesupport (>= 2.3.14, < 5.0.0)
      builder (>= 2.1.2, < 4.0.0)
      i18n (~> 0.5)
      json (~> 1.7)
      money (< 7.0.0)
      nokogiri (~> 1.4)
    activemodel (4.0.2)
      activesupport (= 4.0.2)
      builder (~> 3.1.0)
    activerecord (4.0.2)
      activemodel (= 4.0.2)
      activerecord-deprecated_finders (~> 1.0.2)
      activesupport (= 4.0.2)
      arel (~> 4.0.0)
    activerecord-deprecated_finders (1.0.3)
    activesupport (4.0.2)
      i18n (~> 0.6, >= 0.6.4)
      minitest (~> 4.2)
      multi_json (~> 1.3)
      thread_safe (~> 0.1)
      tzinfo (~> 0.3.37)
    annotate (2.6.5)
      activerecord (>= 2.3.0)
      rake (>= 0.8.7)
    arbre (1.0.1)
      activesupport (>= 3.0.0)
    arel (4.0.2)
    atomic (1.1.14)
    bcrypt-ruby (3.1.2)
    better_errors (1.0.1)
      coderay (>= 1.0.0)
      erubis (>= 2.6.6)
    bootstrap-generators (3.0.2.2)
      railties (>= 3.1)
    bourbon (3.2.3)
      sass (~> 3.2)
      thor
    builder (3.1.4)
    chosen-rails (1.1.0)
      coffee-rails (>= 3.2)
      compass-rails (>= 1.1.2)
      railties (>= 3.0)
      sass-rails (>= 3.2)
    chunky_png (1.2.9)
    climate_control (0.0.3)
      activesupport (>= 3.0)
    cocaine (0.5.3)
      climate_control (>= 0.0.3, < 1.0)
    coderay (1.1.0)
    coffee-rails (4.0.1)
      coffee-script (>= 2.2.0)
      railties (>= 4.0.0, < 5.0)
    coffee-script (2.2.0)
      coffee-script-source
      execjs
    coffee-script-source (1.7.0)
    commonjs (0.2.7)
    compass (0.12.2)
      chunky_png (~> 1.2)
      fssm (>= 0.2.7)
      sass (~> 3.1)
    compass-rails (2.0.0)
      compass (>= 0.12.2)
    designmodo-flatuipro-rails (1.2.4.0.branch)
      jquery-rails (>= 2.2.1)
      jquery-ui-rails (>= 4.0.3)
      less-rails-bootstrap
    devise (3.2.2)
      bcrypt-ruby (~> 3.0)
      orm_adapter (~> 0.1)
      railties (>= 3.2.6, < 5)
      thread_safe (~> 0.1)
      warden (~> 1.2.3)
    erubis (2.7.0)
    execjs (2.0.2)
    font-awesome-rails (4.0.3.1)
      railties (>= 3.2, < 5.0)
    formtastic (2.3.0.rc3)
      actionpack (>= 3.0)
    fssm (0.2.10)
    has_scope (0.6.0.rc)
      actionpack (>= 3.2, < 5)
      activesupport (>= 3.2, < 5)
    hike (1.2.3)
    i18n (0.6.9)
    inherited_resources (1.4.1)
      has_scope (~> 0.6.0.rc)
      responders (~> 1.0.0.rc)
    jbuilder (1.5.3)
      activesupport (>= 3.0.0)
      multi_json (>= 1.2.0)
    jquery-rails (3.1.0)
      railties (>= 3.0, < 5.0)
      thor (>= 0.14, < 2.0)
    jquery-ui-rails (5.0.0)
      railties (>= 3.2.16)
    json (1.8.1)
    kaminari (0.16.1)
      actionpack (>= 3.0.0)
      activesupport (>= 3.0.0)
    less (2.5.1)
      commonjs (~> 0.2.7)
    less-rails (2.5.0)
      actionpack (>= 3.1)
      less (~> 2.5.0)
    less-rails-bootstrap (3.2.0)
      less-rails (~> 2.5.0)
    libv8 (3.16.14.3)
    mail (2.5.4)
      mime-types (~> 1.16)
      treetop (~> 1.4.8)
    mime-types (1.25.1)
    mini_portile (0.5.2)
    minitest (4.7.5)
    monetize (0.1.4)
    money (6.0.1)
      i18n (~> 0.6.4)
      monetize (~> 0.1.3)
    multi_json (1.8.4)
    nokogiri (1.6.1)
      mini_portile (~> 0.5.0)
    orm_adapter (0.5.0)
    paperclip (4.1.1)
      activemodel (>= 3.0.0)
      activesupport (>= 3.0.0)
      cocaine (~> 0.5.3)
      mime-types
    pdfkit (0.6.1)
    pg (0.17.1)
    polyamorous (1.0.0)
      activerecord (>= 3.0)
    polyglot (0.3.3)
    rack (1.5.2)
    rack-test (0.6.2)
      rack (>= 1.0)
    rails (4.0.2)
      actionmailer (= 4.0.2)
      actionpack (= 4.0.2)
      activerecord (= 4.0.2)
      activesupport (= 4.0.2)
      bundler (>= 1.3.0, < 2.0)
      railties (= 4.0.2)
      sprockets-rails (~> 2.0.0)
    railties (4.0.2)
      actionpack (= 4.0.2)
      activesupport (= 4.0.2)
      rake (>= 0.8.7)
      thor (>= 0.18.1, < 2.0)
    rake (10.1.1)
    ransack (1.2.3)
      actionpack (>= 3.0)
      activerecord (>= 3.0)
      activesupport (>= 3.0)
      i18n
      polyamorous (~> 1.0.0)
    rdoc (4.1.1)
      json (~> 1.4)
    ref (1.0.5)
    responders (1.0.0)
      railties (>= 3.2, < 5)
    sass (3.2.14)
    sass-rails (4.0.1)
      railties (>= 4.0.0, < 5.0)
      sass (>= 3.1.10)
      sprockets-rails (~> 2.0.0)
    sdoc (0.4.0)
      json (~> 1.8)
      rdoc (~> 4.0, < 5.0)
    simple_form (3.0.1)
      actionpack (>= 4.0.0, < 4.1)
      activemodel (>= 4.0.0, < 4.1)
    sprockets (2.10.1)
      hike (~> 1.2)
      multi_json (~> 1.0)
      rack (~> 1.0)
      tilt (~> 1.1, != 1.3.0)
    sprockets-rails (2.0.1)
      actionpack (>= 3.0)
      activesupport (>= 3.0)
      sprockets (~> 2.8)
    sqlite3 (1.3.8)
    therubyracer (0.12.0)
      libv8 (~> 3.16.14.0)
      ref
    thor (0.18.1)
    thread_safe (0.1.3)
      atomic
    tilt (1.4.1)
    treetop (1.4.15)
      polyglot
      polyglot (>= 0.3.1)
    turbolinks (2.2.1)
      coffee-rails
    tzinfo (0.3.38)
    uglifier (2.4.0)
      execjs (>= 0.3.0)
      json (>= 1.8.0)
    warden (1.2.3)
      rack (>= 1.0)
    will_paginate (3.0.5)

PLATFORMS
  ruby

DEPENDENCIES
  activeadmin!
  activemerchant
  annotate (~> 2.6.5)
  better_errors
  bootstrap-generators
  chosen-rails
  coffee-rails (~> 4.0.0)
  compass
  designmodo-flatuipro-rails (~> 1.2.4.0.branch)
  devise
  font-awesome-rails
  jbuilder (~> 1.2)
  jquery-rails
  jquery-ui-rails
  less-rails-bootstrap
  paperclip (~> 4.1.1)
  pdfkit
  pg
  rails (= 4.0.2)
  sass-rails (~> 4.0.0)
  sdoc
  simple_form
  sqlite3 (~> 1.3.8)
  therubyracer
  turbolinks
  uglifier (>= 1.3.0)
  will_paginate (~> 3.0.5)
